PATH
  remote: .
  specs:
    tripleloop (0.0.1)
      rdf

GEM
  remote: http://rubygems.org/
  specs:
    addressable (2.3.2)
    coderay (1.0.9)
    diff-lcs (1.1.3)
    fakefs (0.4.2)
    method_source (0.8.1)
    pry (0.9.12)
      coderay (~> 1.0.5)
      method_source (~> 0.8)
      slop (~> 3.4)
    rdf (1.0.1)
      addressable (>= 2.2)
    rspec (2.12.0)
      rspec-core (~> 2.12.0)
      rspec-expectations (~> 2.12.0)
      rspec-mocks (~> 2.12.0)
    rspec-core (2.12.2)
    rspec-expectations (2.12.1)
      diff-lcs (~> 1.1.3)
    rspec-mocks (2.12.2)
    slop (3.4.3)

PLATFORMS
  ruby

DEPENDENCIES
  fakefs (~> 0.4.0)
  pry
  rspec (~> 2.12.0)
  tripleloop!
